GIT
  remote: git://github.com/amatsuda/kaminari.git
  revision: b59210942f23f20c61de3f6003071ce6014bc6fe
  specs:
    kaminari (0.15.1)
      actionpack (>= 3.0.0)
      activesupport (>= 3.0.0)

GEM
  remote: https://rubygems.org/
  specs:
    actionmailer (4.0.0)
      actionpack (= 4.0.0)
      mail (~> 2.5.3)
    actionpack (4.0.0)
      activesupport (= 4.0.0)
      builder (~> 3.1.0)
      erubis (~> 2.7.0)
      rack (~> 1.5.2)
      rack-test (~> 0.6.2)
    activemodel (4.0.0)
      activesupport (= 4.0.0)
      builder (~> 3.1.0)
    activerecord (4.0.0)
      activemodel (= 4.0.0)
      activerecord-deprecated_finders (~> 1.0.2)
      activesupport (= 4.0.0)
      arel (~> 4.0.0)
    activerecord-deprecated_finders (1.0.3)
    activesupport (4.0.0)
      i18n (~> 0.6, >= 0.6.4)
      minitest (~> 4.2)
      multi_json (~> 1.3)
      thread_safe (~> 0.1)
      tzinfo (~> 0.3.37)
    addressable (2.4.0)
    arel (4.0.2)
    bcrypt (3.1.7)
    bcrypt-ruby (3.1.5)
      bcrypt (>= 3.1.3)
    better_errors (1.1.0)
      coderay (>= 1.0.0)
      erubis (>= 2.6.6)
    binding_of_caller (0.7.2)
      debug_inspector (>= 0.0.1)
    bootstrap-sass (3.1.1.1)
      sass (~> 3.2)
    bootstrap3-datetimepicker-rails (3.0.0.1)
      momentjs-rails (~> 2.5.0)
    browser-timezone-rails (0.0.8)
      jquery-rails
      rails (>= 3.1)
    builder (3.1.4)
    bullet (5.0.0)
      activesupport (>= 3.0.0)
      uniform_notifier (~> 1.9.0)
    byebug (8.2.2)
    cancan (1.6.10)
    capistrano (2.15.5)
      highline
      net-scp (>= 1.0.0)
      net-sftp (>= 2.0.0)
      net-ssh (>= 2.0.14)
      net-ssh-gateway (>= 1.1.0)
    capistrano-rvm (0.0.3)
      capistrano
    choice (0.2.0)
    chronic (0.10.2)
    climate_control (0.0.3)
      activesupport (>= 3.0)
    cocaine (0.5.4)
      climate_control (>= 0.0.3, < 1.0)
    code_analyzer (0.4.5)
      sexp_processor
    coderay (1.1.0)
    coffee-rails (4.0.1)
      coffee-script (>= 2.2.0)
      railties (>= 4.0.0, < 5.0)
    coffee-script (2.2.0)
      coffee-script-source
      execjs
    coffee-script-source (1.7.0)
    daemons (1.1.9)
    debug_inspector (0.0.2)
    delayed_job (4.0.1)
      activesupport (>= 3.0, < 4.2)
    delayed_job_active_record (4.0.1)
      activerecord (>= 3.0, < 4.2)
      delayed_job (>= 3.0, < 4.1)
    devise (3.0.4)
      bcrypt-ruby (~> 3.0)
      orm_adapter (~> 0.1)
      railties (>= 3.2.6, < 5)
      warden (~> 1.2.3)
    devise-async (0.8.0)
      devise (>= 2.2, < 3.2)
    diff-lcs (1.2.5)
    erubis (2.7.0)
    eventmachine (1.0.3)
    execjs (2.2.0)
    factory_girl (4.4.0)
      activesupport (>= 3.0.0)
    factory_girl_rails (4.4.1)
      factory_girl (~> 4.4.0)
      railties (>= 3.0.0)
    faker (1.3.0)
      i18n (~> 0.5)
    faraday (0.9.0)
      multipart-post (>= 1.2, < 3)
    faraday_middleware (0.9.2)
      faraday (>= 0.7.4, < 0.10)
    figaro (0.7.0)
      bundler (~> 1.0)
      rails (>= 3, < 5)
    google-api-client (0.9.11)
      addressable (~> 2.3)
      googleauth (~> 0.5)
      httpclient (~> 2.7)
      hurley (~> 0.1)
      memoist (~> 0.11)
      mime-types (>= 1.6)
      representable (~> 2.3.0)
      retriable (~> 2.0)
      thor (~> 0.19)
    googleauth (0.5.1)
      faraday (~> 0.9)
      jwt (~> 1.4)
      logging (~> 2.0)
      memoist (~> 0.12)
      multi_json (~> 1.11)
      os (~> 0.9)
      signet (~> 0.7)
    haml (4.0.5)
      tilt
    haml-rails (0.5.1)
      actionpack (~> 4.0.0)
      activesupport (~> 4.0.0)
      haml (>= 3.1, < 5.0)
      railties (~> 4.0.0)
    hashie (2.1.1)
    highline (1.6.21)
    hike (1.2.3)
    httpclient (2.8.0)
    hurley (0.2)
    i18n (0.6.9)
    i18n-js (2.1.2)
      i18n
    ice_cube (0.13.2)
    instagram (1.1.6)
      faraday (>= 0.7, < 0.10)
      faraday_middleware (>= 0.8, < 0.10)
      hashie (>= 0.4.0)
      multi_json (~> 1.0, >= 1.0.3)
    jbuilder (1.5.3)
      activesupport (>= 3.0.0)
      multi_json (>= 1.2.0)
    jquery-rails (3.1.0)
      railties (>= 3.0, < 5.0)
      thor (>= 0.14, < 2.0)
    js-routes (0.9.8)
      railties (>= 3.2)
      sprockets-rails
    json (1.8.3)
    jwt (1.5.4)
    libv8 (3.16.14.3)
    little-plugger (1.1.4)
    logging (2.1.0)
      little-plugger (~> 1.1)
      multi_json (~> 1.10)
    mail (2.5.4)
      mime-types (~> 1.16)
      treetop (~> 1.4.8)
    mailcatcher (0.2.4)
      eventmachine
      haml
      i18n
      json
      mail
      sinatra
      skinny (>= 0.1.2)
      sqlite3-ruby
      thin
    memoist (0.14.0)
    method_source (0.8.2)
    mime-types (1.25.1)
    mina (0.3.8)
      open4 (~> 1.3.4)
      rake
    mina-multistage (1.0.1)
      mina (>= 0.2.1)
    minitest (4.7.5)
    momentjs-rails (2.5.1)
      railties (>= 3.1)
    multi_json (1.12.1)
    multi_xml (0.5.5)
    multipart-post (2.0.0)
    mysql2 (0.3.16)
    net-scp (1.2.1)
      net-ssh (>= 2.6.5)
    net-sftp (2.1.2)
      net-ssh (>= 2.6.5)
    net-ssh (2.9.2)
    net-ssh-gateway (1.2.0)
      net-ssh (>= 2.6.5)
    oauth (0.4.7)
    oauth2 (0.9.4)
      faraday (>= 0.8, < 0.10)
      jwt (~> 1.0)
      multi_json (~> 1.3)
      multi_xml (~> 0.5)
      rack (~> 1.2)
    omniauth (1.2.1)
      hashie (>= 1.2, < 3)
      rack (~> 1.0)
    omniauth-facebook (1.6.0)
      omniauth-oauth2 (~> 1.1)
    omniauth-google-oauth2 (0.2.4)
      omniauth (~> 1.0)
      omniauth-oauth2 (~> 1.1)
    omniauth-instagram (1.0.2)
      omniauth (~> 1)
      omniauth-oauth2 (~> 1)
    omniauth-linkedin (0.2.0)
      omniauth-oauth (~> 1.0)
    omniauth-oauth (1.0.1)
      oauth
      omniauth (~> 1.0)
    omniauth-oauth2 (1.1.2)
      faraday (>= 0.8, < 0.10)
      multi_json (~> 1.3)
      oauth2 (~> 0.9.3)
      omniauth (~> 1.2)
    omniauth-twitter (1.0.1)
      multi_json (~> 1.3)
      omniauth-oauth (~> 1.0)
    open4 (1.3.4)
    orm_adapter (0.5.0)
    os (0.9.6)
    paperclip (4.1.1)
      activemodel (>= 3.0.0)
      activesupport (>= 3.0.0)
      cocaine (~> 0.5.3)
      mime-types
    paranoia (2.1.5)
      activerecord (~> 4.0)
    phone (1.2.3)
    polyglot (0.3.5)
    pry (0.10.3)
      coderay (~> 1.1.0)
      method_source (~> 0.8.1)
      slop (~> 3.4)
    pry-rails (0.3.4)
      pry (>= 0.9.10)
    quiet_assets (1.0.2)
      railties (>= 3.1, < 5.0)
    rack (1.5.2)
    rack-protection (1.5.3)
      rack
    rack-test (0.6.2)
      rack (>= 1.0)
    railroady (1.3.1)
    rails (4.0.0)
      actionmailer (= 4.0.0)
      actionpack (= 4.0.0)
      activerecord (= 4.0.0)
      activesupport (= 4.0.0)
      bundler (>= 1.3.0, < 2.0)
      railties (= 4.0.0)
      sprockets-rails (~> 2.0.0)
    rails-erd (1.4.6)
      activerecord (>= 3.2)
      activesupport (>= 3.2)
      choice (~> 0.2.0)
      ruby-graphviz (~> 1.2)
    rails_best_practices (1.16.0)
      activesupport
      code_analyzer (>= 0.4.3)
      erubis
      i18n
      json
      require_all
      ruby-progressbar
    railties (4.0.0)
      actionpack (= 4.0.0)
      activesupport (= 4.0.0)
      rake (>= 0.8.7)
      thor (>= 0.18.1, < 2.0)
    rake (11.2.2)
    rank (0.0.2)
    ref (1.0.5)
    remotipart (1.2.1)
    representable (2.3.0)
      uber (~> 0.0.7)
    require_all (1.3.3)
    rest-client (1.6.7)
      mime-types (>= 1.16)
    retriable (2.1.0)
    rspec-collection_matchers (1.0.0)
      rspec-expectations (>= 2.99.0.beta1)
    rspec-core (2.99.0)
    rspec-expectations (2.99.0)
      diff-lcs (>= 1.1.3, < 2.0)
    rspec-mocks (2.99.0)
    rspec-rails (2.99.0)
      actionpack (>= 3.0)
      activemodel (>= 3.0)
      activesupport (>= 3.0)
      railties (>= 3.0)
      rspec-collection_matchers
      rspec-core (~> 2.99.0)
      rspec-expectations (~> 2.99.0)
      rspec-mocks (~> 2.99.0)
    ruby-graphviz (1.2.2)
    ruby-progressbar (1.7.5)
    sass (3.2.19)
    sass-rails (4.0.3)
      railties (>= 4.0.0, < 5.0)
      sass (~> 3.2.0)
      sprockets (~> 2.8, <= 2.11.0)
      sprockets-rails (~> 2.0)
    sexp_processor (4.7.0)
    shoulda-matchers (2.6.1)
      activesupport (>= 3.0.0)
    signet (0.7.3)
      addressable (~> 2.3)
      faraday (~> 0.9)
      jwt (~> 1.5)
      multi_json (~> 1.10)
    sinatra (1.4.7)
      rack (~> 1.5)
      rack-protection (~> 1.4)
      tilt (>= 1.3, < 3)
    skinny (0.2.4)
      eventmachine (~> 1.0.0)
      thin (>= 1.5, < 1.7)
    slop (3.6.0)
    sprockets (2.11.0)
      hike (~> 1.2)
      multi_json (~> 1.0)
      rack (~> 1.0)
      tilt (~> 1.1, != 1.3.0)
    sprockets-rails (2.0.1)
      actionpack (>= 3.0)
      activesupport (>= 3.0)
      sprockets (~> 2.8)
    sqlite3 (1.3.11)
    sqlite3-ruby (1.3.3)
      sqlite3 (>= 1.3.3)
    stripe (1.13.0)
      json (~> 1.8.1)
      mime-types (~> 1.25)
      rest-client (~> 1.4)
    therubyracer (0.12.1)
      libv8 (~> 3.16.14.0)
      ref
    thin (1.6.2)
      daemons (>= 1.0.9)
      eventmachine (>= 1.0.0)
      rack (>= 1.0.0)
    thor (0.19.1)
    thread_safe (0.3.4)
    tilt (1.4.1)
    treetop (1.4.15)
      polyglot
      polyglot (>= 0.3.1)
    tzinfo (0.3.39)
    uber (0.0.15)
    uglifier (2.5.0)
      execjs (>= 0.3.0)
      json (>= 1.8.0)
    uniform_notifier (1.9.0)
    warden (1.2.3)
      rack (>= 1.0)
    whenever (0.9.2)
      activesupport (>= 2.3.4)
      chronic (>= 0.6.3)
    wicked (1.2.1)
      railties (>= 3.0.7)

PLATFORMS
  ruby

DEPENDENCIES
  better_errors (~> 1.1.0)
  binding_of_caller (~> 0.7.2)
  bootstrap-sass (>= 3.1.1.1)
  bootstrap3-datetimepicker-rails (~> 3.0.0)
  browser-timezone-rails (~> 0.0.8)
  bullet (~> 5.0)
  byebug (~> 8.2, >= 8.2.2)
  cancan (= 1.6.10)
  capistrano (~> 2.15.5)
  capistrano-rvm (~> 0.0.3)
  coffee-rails (~> 4.0.0)
  daemons (~> 1.1.9)
  delayed_job_active_record (~> 4.0.1)
  devise (= 3.0.4)
  devise-async (~> 0.8.0)
  execjs (~> 2.2.0)
  factory_girl_rails (~> 4.4.1)
  faker (~> 1.3.0)
  figaro (~> 0.7.0)
  google-api-client (~> 0.9)
  haml-rails (~> 0.5.1)
  i18n-js (~> 2.1.2)
  ice_cube (~> 0.13.2)
  instagram (~> 1.1.6)
  jbuilder (~> 1.2)
  jquery-rails (~> 3.1.0)
  js-routes (~> 0.9.8)
  kaminari!
  mailcatcher (~> 0.2.4)
  mina (~> 0.3.8)
  mina-multistage (~> 1.0.1)
  momentjs-rails (~> 2.5.0)
  mysql2 (= 0.3.16)
  omniauth (~> 1.2.1)
  omniauth-facebook (~> 1.6.0)
  omniauth-google-oauth2 (~> 0.2.4)
  omniauth-instagram (~> 1.0.2)
  omniauth-linkedin (~> 0.2.0)
  omniauth-twitter (~> 1.0.1)
  paperclip (~> 4.1.1)
  paranoia (~> 2.0)
  phone (~> 1.2, >= 1.2.3)
  pry-rails (~> 0.3.4)
  quiet_assets (~> 1.0.2)
  railroady (~> 1.3.1)
  rails (= 4.0.0)
  rails-erd (~> 1.4.6)
  rails_best_practices (~> 1.16)
  rank (~> 0.0.2)
  remotipart (~> 1.2)
  rspec-rails (~> 2.0)
  sass-rails (~> 4.0.0)
  shoulda-matchers (~> 2.6.1)
  stripe (~> 1.13.0)
  therubyracer (~> 0.12.1)
  thin (~> 1.6.2)
  uglifier (>= 1.3.0)
  whenever (~> 0.9.2)
  wicked (~> 1.2.1)

BUNDLED WITH
   1.12.5
